GEM
  remote: https://rubygems.org/
  specs:
    addressable (2.7.0)
      public_suffix (>= 2.0.2, < 5.0)
    coderay (1.1.2)
    concurrent-ruby (1.1.5)
    dry-configurable (0.9.0)
      concurrent-ruby (~> 1.0)
      dry-core (~> 0.4, >= 0.4.7)
    dry-container (0.7.2)
      concurrent-ruby (~> 1.0)
      dry-configurable (~> 0.1, >= 0.1.3)
    dry-core (0.4.9)
      concurrent-ruby (~> 1.0)
    dry-equalizer (0.3.0)
    dry-inflector (0.2.0)
    dry-initializer (3.0.2)
    dry-logic (1.0.5)
      concurrent-ruby (~> 1.0)
      dry-core (~> 0.2)
      dry-equalizer (~> 0.2)
    dry-struct (1.1.1)
      dry-core (~> 0.4, >= 0.4.3)
      dry-equalizer (~> 0.2)
      dry-types (~> 1.0)
      ice_nine (~> 0.11)
    dry-types (1.2.1)
      concurrent-ruby (~> 1.0)
      dry-container (~> 0.3)
      dry-core (~> 0.4, >= 0.4.4)
      dry-equalizer (~> 0.2, >= 0.2.2)
      dry-inflector (~> 0.1, >= 0.1.2)
      dry-logic (~> 1.0, >= 1.0.2)
    ffi (1.11.2)
    formatador (0.2.5)
    guard (2.16.1)
      formatador (>= 0.2.4)
      listen (>= 2.7, < 4.0)
      lumberjack (>= 1.0.12, < 2.0)
      nenv (~> 0.1)
      notiffany (~> 0.0)
      pry (>= 0.9.12)
      shellany (~> 0.0)
      thor (>= 0.18.1)
    guard-compat (1.2.1)
    guard-minitest (2.4.6)
      guard-compat (~> 1.2)
      minitest (>= 3.0)
    ice_nine (0.11.2)
    inflecto (0.0.2)
    listen (3.2.0)
      rb-fsevent (~> 0.10, >= 0.10.3)
      rb-inotify (~> 0.9, >= 0.9.10)
    lumberjack (1.0.13)
    method_source (0.9.2)
    minitest (5.13.0)
    minitest-around (0.5.0)
      minitest (~> 5.0)
    nenv (0.3.0)
    notiffany (0.1.3)
      nenv (~> 0.1)
      shellany (~> 0.0)
    pry (0.12.2)
      coderay (~> 1.1.0)
      method_source (~> 0.9.0)
    public_suffix (4.0.1)
    rake (13.0.1)
    rb-fsevent (0.10.3)
    rb-inotify (0.10.0)
      ffi (~> 1.0)
    rom (5.1.2)
      rom-changeset (~> 5.1)
      rom-core (~> 5.1, >= 5.1.2)
      rom-repository (~> 5.1)
    rom-changeset (5.1.2)
      dry-core (~> 0.4)
      rom-core (~> 5.1, >= 5.1.2)
      transproc (~> 1.0, >= 1.1.0)
    rom-core (5.1.2)
      concurrent-ruby (~> 1.1)
      dry-container (~> 0.7)
      dry-core (~> 0.4)
      dry-equalizer (~> 0.2)
      dry-inflector (~> 0.1)
      dry-initializer (~> 3.0, >= 3.0.1)
      dry-struct (~> 1.0)
      dry-types (~> 1.0)
      transproc (~> 1.0, >= 1.1.0)
    rom-http (0.8.0)
      addressable (~> 2.6)
      concurrent-ruby (~> 1.1)
      dry-configurable (~> 0.6)
      dry-core (~> 0.4)
      dry-equalizer (~> 0.2)
      rom-core (~> 5.0, >= 5.0.1)
    rom-repository (5.1.2)
      dry-core (~> 0.4)
      dry-initializer (~> 3.0, >= 3.0.1)
      rom-core (~> 5.1, >= 5.1.2)
    rom-sql (3.0.1)
      dry-core (~> 0.4)
      dry-equalizer (~> 0.2)
      dry-types (~> 1.0)
      rom-core (~> 5.0, >= 5.0.1)
      sequel (>= 4.49)
    rom-yaml (3.0.0)
      rom-core (~> 5.0)
    sequel (5.26.0)
    shellany (0.0.1)
    sqlite3 (1.4.1)
    thor (0.20.3)
    transproc (1.1.0)

PLATFORMS
  ruby

DEPENDENCIES
  guard
  guard-minitest
  inflecto
  minitest
  minitest-around
  rake
  rom
  rom-http
  rom-sql
  rom-yaml
  sqlite3

BUNDLED WITH
   1.17.3
